GEM
  remote: https://rubygems.org/
  specs:
    coderay (1.1.3)
    colorize (0.8.1)
    csv (3.2.5)
    json (2.6.2)
    method_source (1.0.0)
    pry (0.14.1)
      coderay (~> 1.1)
      method_source (~> 1.0)

PLATFORMS
  x64-mingw-ucrt

DEPENDENCIES
  colorize
  csv
  json
  pry

RUBY VERSION
   ruby 3.1.2p20

BUNDLED WITH
   2.3.7
